NUGET
  remote: https://www.nuget.org/api/v2
    Basis.Core (1.1.3)
    Persimmon (1.2)
    Persimmon.Console (1.2)
